PATH
  remote: .
  specs:
    trycourier (1.5.0)

GEM
  remote: https://rubygems.org/
  specs:
    addressable (2.8.0)
      public_suffix (>= 2.0.2, < 5.0)
    ast (2.4.2)
    crack (0.4.5)
      rexml
    diff-lcs (1.5.0)
    hashdiff (1.0.1)
    parallel (1.22.1)
    parser (3.1.2.0)
      ast (~> 2.4.1)
    public_suffix (4.0.7)
    rainbow (3.1.1)
    rake (13.0.6)
    regexp_parser (2.5.0)
    rexml (3.2.5)
    rspec (3.11.0)
      rspec-core (~> 3.11.0)
      rspec-expectations (~> 3.11.0)
      rspec-mocks (~> 3.11.0)
    rspec-core (3.11.0)
      rspec-support (~> 3.11.0)
    rspec-expectations (3.11.0)
      diff-lcs (>= 1.2.0, < 2.0)
      rspec-support (~> 3.11.0)
    rspec-mocks (3.11.1)
      diff-lcs (>= 1.2.0, < 2.0)
      rspec-support (~> 3.11.0)
    rspec-support (3.11.0)
    rubocop (1.29.1)
      parallel (~> 1.10)
      parser (>= 3.1.0.0)
      rainbow (>= 2.2.2, < 4.0)
      regexp_parser (>= 1.8, < 3.0)
      rexml (>= 3.2.5, < 4.0)
      rubocop-ast (>= 1.17.0, < 2.0)
      ruby-progressbar (~> 1.7)
      unicode-display_width (>= 1.4.0, < 3.0)
    rubocop-ast (1.18.0)
      parser (>= 3.1.1.0)
    rubocop-performance (1.13.3)
      rubocop (>= 1.7.0, < 2.0)
      rubocop-ast (>= 0.4.0)
    ruby-progressbar (1.11.0)
    standard (1.12.1)
      rubocop (= 1.29.1)
      rubocop-performance (= 1.13.3)
    unicode-display_width (2.2.0)
    webmock (3.14.0)
      addressable (>= 2.8.0)
      crack (>= 0.3.2)
      hashdiff (>= 0.4.0, < 2.0.0)

PLATFORMS
  ruby

DEPENDENCIES
  rake (~> 13.0)
  rspec (~> 3.0)
  standard
  trycourier!
  webmock (>= 1.24.2)

BUNDLED WITH
   2.3.16
